GEM
  remote: http://rubygems.org/
  specs:
    activemodel (3.2.2)
      activesupport (= 3.2.2)
      builder (~> 3.0.0)
    activeresource (3.2.2)
      activemodel (= 3.2.2)
      activesupport (= 3.2.2)
    activesupport (3.2.2)
      i18n (~> 0.6)
      multi_json (~> 1.0)
    addressable (2.2.7)
    builder (3.0.0)
    diff-lcs (1.1.3)
    fakeweb (1.3.0)
    faraday (0.7.6)
      addressable (~> 2.2)
      multipart-post (~> 1.1)
      rack (~> 1.1)
    faraday_middleware (0.7.0)
      faraday (~> 0.7.3)
    git (1.2.5)
    hashie (1.2.0)
    i18n (0.6.0)
    jeweler (1.8.3)
      bundler (~> 1.0)
      git (>= 1.2.5)
      rake
      rdoc
    json (1.6.5)
    multi_json (1.0.4)
    multipart-post (1.1.5)
    octokit (0.6.5)
      addressable (~> 2.2.6)
      faraday (~> 0.7.4)
      faraday_middleware (~> 0.7.0)
      hashie (~> 1.2.0)
      multi_json (~> 1.0.2)
    rack (1.4.1)
    rake (0.9.2.2)
    rcov (1.0.0)
    rdoc (3.12)
      json (~> 1.4)
    rspec (2.8.0)
      rspec-core (~> 2.8.0)
      rspec-expectations (~> 2.8.0)
      rspec-mocks (~> 2.8.0)
    rspec-core (2.8.0)
    rspec-expectations (2.8.0)
      diff-lcs (~> 1.1.2)
    rspec-mocks (2.8.0)
    simplecov (0.6.1)
      multi_json (~> 1.0)
      simplecov-html (~> 0.5.3)
    simplecov-html (0.5.3)
    ticketmaster (0.6.10)
      activeresource (~> 3.0)
      activesupport (~> 3.0)
      hashie (~> 1.2)

PLATFORMS
  ruby

DEPENDENCIES
  fakeweb (~> 1.3)
  jeweler (~> 1.6)
  octokit (~> 0.6)
  rcov (~> 1.0)
  rspec (~> 2.3)
  simplecov (~> 0.5)
  ticketmaster (= 0.6.10)
